GEM
  remote: https://rubygems.org/
  specs:
    crass (1.0.6)
    discourse_api (0.36.0)
      faraday (~> 0.9)
      faraday_middleware (~> 0.10)
      rack (>= 1.6)
    faraday (0.15.4)
      multipart-post (>= 1.2, < 3)
    faraday_middleware (0.13.1)
      faraday (>= 0.7.4, < 1.0)
    loofah (2.19.1)
      crass (~> 1.0.2)
      nokogiri (>= 1.5.9)
    mini_portile2 (2.8.0)
    multipart-post (2.1.1)
    nokogiri (1.13.10)
      mini_portile2 (~> 2.8.0)
      racc (~> 1.4)
    racc (1.6.1)
    rack (2.2.3)
    word_wrap (1.0.0)

PLATFORMS
  ruby

DEPENDENCIES
  discourse_api
  loofah
  word_wrap

BUNDLED WITH
   2.0.1
